GEM
  remote: https://rubygems.org/
  specs:
    puma (3.11.0)
    rack (2.0.3)
    roda (3.3.0)
      rack

PLATFORMS
  ruby

DEPENDENCIES
  puma
  roda

BUNDLED WITH
   1.16.0
